PATH
  remote: .
  specs:
    ruport-util (0.15.0)
      gruff (~> 0.3.6)
      gruff (~> 0.3.6)
      mailfactory (>= 1.2.3)
      mailfactory (>= 1.2.3)
      rubyzip (>= 0.9.1)
      rubyzip (>= 0.9.1)
      ruport (>= 1.6.0)
      ruport (~> 1.6.0)
      ruport-util
      scruffy (~> 0.2.6)
      scruffy (~> 0.2.6)

GEM
  remote: http://rubygems.org/
  specs:
    color (1.4.1)
    diff-lcs (1.1.2)
    fastercsv (1.5.4)
    git (1.2.5)
    gruff (0.3.6)
    hoe (2.9.4)
      rake (>= 0.8.7)
    jeweler (1.5.2)
      bundler (~> 1.0.0)
      git (>= 1.2.5)
      rake
    mailfactory (1.4.0)
      mime-types (>= 1.13.1)
    mime-types (1.16)
    ore (0.7.2)
      ore-core (>= 0.1.4, ~> 0.1)
      thor (~> 0.14.3)
    ore-core (0.1.4)
    pdf-writer (1.1.8)
      color (>= 1.4.0)
      transaction-simple (~> 1.3)
    rake (0.8.7)
    rspec (2.5.0)
      rspec-core (~> 2.5.0)
      rspec-expectations (~> 2.5.0)
      rspec-mocks (~> 2.5.0)
    rspec-core (2.5.1)
    rspec-expectations (2.5.0)
      diff-lcs (~> 1.1.2)
    rspec-mocks (2.5.0)
    rubyzip (0.9.4)
    ruport (1.6.3)
      fastercsv
      pdf-writer (= 1.1.8)
    scruffy (0.2.6)
    thor (0.14.6)
    transaction-simple (1.4.0)
      hoe (>= 1.1.7)
    yard (0.6.5)

PLATFORMS
  ruby

DEPENDENCIES
  bundler (~> 1.0.0)
  gruff (~> 0.3.6)
  jeweler (~> 1.5.0)
  mailfactory (>= 1.2.3)
  ore (~> 0.7.2)
  ore-core (~> 0.1.4)
  rake (~> 0.8.7)
  rspec (~> 2.5.0)
  rubyzip (>= 0.9.1)
  ruport (>= 1.6.0)
  ruport-util!
  scruffy (~> 0.2.6)
  yard (~> 0.6.0)
